GEM
  remote: http://rubygems.org/
  specs:
    RedCloth (4.2.3)
    abstract (1.0.0)
    actionmailer (3.0.3)
      actionpack (= 3.0.3)
      mail (~> 2.2.9)
    actionpack (3.0.3)
      activemodel (= 3.0.3)
      activesupport (= 3.0.3)
      builder (~> 2.1.2)
      erubis (~> 2.6.6)
      i18n (~> 0.4)
      rack (~> 1.2.1)
      rack-mount (~> 0.6.13)
      rack-test (~> 0.5.6)
      tzinfo (~> 0.3.23)
    activemodel (3.0.3)
      activesupport (= 3.0.3)
      builder (~> 2.1.2)
      i18n (~> 0.4)
    activerecord (3.0.3)
      activemodel (= 3.0.3)
      activesupport (= 3.0.3)
      arel (~> 2.0.2)
      tzinfo (~> 0.3.23)
    activeresource (3.0.3)
      activemodel (= 3.0.3)
      activesupport (= 3.0.3)
    activesupport (3.0.3)
    addressable (2.2.2)
    arel (2.0.6)
    bcrypt-ruby (2.1.3)
    bluecloth (2.0.9)
    builder (2.1.2)
    capistrano (2.5.19)
      highline
      net-scp (>= 1.0.0)
      net-sftp (>= 2.0.0)
      net-ssh (>= 2.0.14)
      net-ssh-gateway (>= 1.0.0)
    data_objects (0.10.2)
      addressable (~> 2.1)
    devise (1.1.5)
      bcrypt-ruby (~> 2.1.2)
      warden (~> 1.0.2)
    dm-active_model (1.0.3)
      activemodel (~> 3.0.0)
      dm-core (~> 1.0.2)
    dm-adjust (1.0.2)
      dm-core (~> 1.0.2)
    dm-aggregates (1.0.2)
      dm-core (~> 1.0.2)
    dm-constraints (1.0.2)
      dm-core (~> 1.0.2)
      dm-migrations (~> 1.0.2)
    dm-core (1.0.2)
      addressable (~> 2.2)
      extlib (~> 0.9.15)
    dm-devise (1.1.5)
      bcrypt-ruby (~> 2.1.2)
      devise (~> 1.1.0)
      dm-core (~> 1.0.0)
      dm-migrations (~> 1.0.0)
      dm-rails (>= 1.0.3)
      dm-serializer (~> 1.0.0)
      dm-timestamps (~> 1.0.0)
      sugar-high (~> 0.2.10)
    dm-do-adapter (1.0.2)
      data_objects (~> 0.10.2)
      dm-core (~> 1.0.2)
    dm-is-list (1.0.2)
      dm-adjust (~> 1.0.2)
      dm-core (~> 1.0.2)
    dm-migrations (1.0.2)
      dm-core (~> 1.0.2)
    dm-observer (1.0.2)
      dm-core (~> 1.0.2)
    dm-postgres-adapter (1.0.2)
      dm-do-adapter (~> 1.0.2)
      do_postgres (~> 0.10.2)
    dm-rails (1.0.4)
      actionpack (~> 3.0.0)
      activesupport (~> 3.0.0)
      dm-active_model (~> 1.0.3)
      dm-core (~> 1.0.0)
      railties (~> 3.0.0)
    dm-serializer (1.0.2)
      dm-core (~> 1.0.2)
      fastercsv (~> 1.5.3)
      json_pure (~> 1.4)
    dm-timestamps (1.0.2)
      dm-core (~> 1.0.2)
    dm-transactions (1.0.2)
      dm-core (~> 1.0.2)
    dm-types (1.0.2)
      dm-core (~> 1.0.2)
      fastercsv (~> 1.5.3)
      json_pure (~> 1.4)
      stringex (~> 1.1.0)
      uuidtools (~> 2.1.1)
    dm-validations (1.0.2)
      dm-core (~> 1.0.2)
    do_postgres (0.10.2)
      data_objects (= 0.10.2)
    erubis (2.6.6)
      abstract (>= 1.0.0)
    extlib (0.9.15)
    fastercsv (1.5.3)
    highline (1.6.1)
    i18n (0.5.0)
    jquery-rails (0.2.6)
      rails (~> 3.0)
      thor (~> 0.14.4)
    json_pure (1.4.6)
    kgio (2.1.1)
    mail (2.2.13)
      activesupport (>= 2.3.6)
      i18n (>= 0.4.0)
      mime-types (~> 1.16)
      treetop (~> 1.4.8)
    mime-types (1.16)
    mocha (0.9.10)
      rake
    net-scp (1.0.4)
      net-ssh (>= 1.99.1)
    net-sftp (2.0.5)
      net-ssh (>= 2.0.9)
    net-ssh (2.0.23)
    net-ssh-gateway (1.0.1)
      net-ssh (>= 1.99.1)
    pg (0.10.0)
    polyglot (0.3.1)
    rack (1.2.1)
    rack-mount (0.6.13)
      rack (>= 1.0.0)
    rack-test (0.5.6)
      rack (>= 1.0)
    rails (3.0.3)
      actionmailer (= 3.0.3)
      actionpack (= 3.0.3)
      activerecord (= 3.0.3)
      activeresource (= 3.0.3)
      activesupport (= 3.0.3)
      bundler (~> 1.0)
      railties (= 3.0.3)
    railties (3.0.3)
      actionpack (= 3.0.3)
      activesupport (= 3.0.3)
      rake (>= 0.8.7)
      thor (~> 0.14.4)
    rake (0.8.7)
    require_all (1.2.0)
    stringex (1.1.0)
    sugar-high (0.2.12)
      mocha (~> 0.9.8)
      require_all (~> 1.2.0)
    thor (0.14.6)
    treetop (1.4.9)
      polyglot (>= 0.3.1)
    tzinfo (0.3.23)
    unicorn (3.2.1)
      kgio (~> 2.1)
      rack
    uuidtools (2.1.1)
    warden (1.0.3)
      rack (>= 1.0.0)
    will_paginate (3.0.pre2)

PLATFORMS
  ruby

DEPENDENCIES
  RedCloth
  bluecloth
  capistrano
  dm-aggregates (~> 1.0.2)
  dm-constraints (~> 1.0.2)
  dm-devise
  dm-is-list (~> 1.0.2)
  dm-migrations (~> 1.0.2)
  dm-observer (~> 1.0.2)
  dm-postgres-adapter (~> 1.0.2)
  dm-timestamps (~> 1.0.2)
  dm-transactions (~> 1.0.2)
  dm-types (~> 1.0.2)
  dm-validations (~> 1.0.2)
  jquery-rails
  pg
  rails (= 3.0.3)
  unicorn
  will_paginate (~> 3.0.pre2)
